GEM
  remote: http://rubygems.org/
  specs:
    atom (0.3)
    diff-lcs (1.1.2)
    infinity_test (1.0.2)
      notifiers (>= 1.1.0)
      watchr (>= 0.7)
    nokogiri (1.4.4)
    notifiers (1.1.0)
    rspec (2.2.0)
      rspec-core (~> 2.2)
      rspec-expectations (~> 2.2)
      rspec-mocks (~> 2.2)
    rspec-core (2.2.1)
    rspec-expectations (2.2.0)
      diff-lcs (~> 1.1.2)
    rspec-mocks (2.2.0)
    ruby-usb (0.1.3)
    watchr (0.7)

PLATFORMS
  ruby

DEPENDENCIES
  atom
  infinity_test
  nokogiri
  rspec
  ruby-usb
