GEM
  remote: https://rubygems.org/
  specs:
    atom (0.3)
    diff-lcs (1.2.5)
    infinity_test (1.0.3)
      notifiers (>= 1.1.0)
      watchr (>= 0.7)
    mini_portile (0.5.2)
    nokogiri (1.6.1)
      mini_portile (~> 0.5.0)
    notifiers (1.2.1)
    rspec (2.14.1)
      rspec-core (~> 2.14.0)
      rspec-expectations (~> 2.14.0)
      rspec-mocks (~> 2.14.0)
    rspec-core (2.14.7)
    rspec-expectations (2.14.5)
      diff-lcs (>= 1.1.3, < 2.0)
    rspec-mocks (2.14.5)
    ruby-usb (0.2.1)
    watchr (0.7)

PLATFORMS
  ruby

DEPENDENCIES
  atom
  infinity_test
  nokogiri
  rspec
  ruby-usb
